GEM
  remote: http://rubygems.org/
  specs:
    stemmer (1.0.1)

PLATFORMS
  ruby

DEPENDENCIES
  stemmer
